GEM
  remote: https://rubygems.org/
  specs:
    aspose_storage_cloud (18.6)
      faraday (~> 0.14.0)
      mimemagic (~> 0.3.2)
    ast (2.4.0)
    builder (3.2.3)
    ci_reporter (2.0.0)
      builder (>= 2.1.2)
    ci_reporter_minitest (1.0.0)
      ci_reporter (~> 2.0)
      minitest (~> 5.0)
    faraday (0.14.0)
      multipart-post (>= 1.2, < 3)
    jaro_winkler (1.5.1)
    mimemagic (0.3.2)
    minitest (5.11.3)
    multipart-post (2.0.0)
    parallel (1.12.1)
    parser (2.5.1.2)
      ast (~> 2.4.0)
    powerpack (0.1.2)
    rainbow (3.0.0)
    rake (12.3.1)
    rubocop (0.58.2)
      jaro_winkler (~> 1.5.1)
      parallel (~> 1.10)
      parser (>= 2.5, != 2.5.1.1)
      powerpack (~> 0.1)
      rainbow (>= 2.2.2, < 4.0)
      ruby-progressbar (~> 1.7)
      unicode-display_width (~> 1.0, >= 1.0.1)
    rubocop-checkstyle_formatter (0.4.0)
      rubocop (>= 0.35.1)
    ruby-progressbar (1.9.0)
    unicode-display_width (1.4.0)

PLATFORMS
  ruby
  x64-mingw32

DEPENDENCIES
  aspose_storage_cloud (~> 18.6, >= 18.5)
  ci_reporter_minitest
  faraday (~> 0.14.0)
  mimemagic (~> 0.3.2)
  minitest (~> 5.11, >= 5.11.3)
  rake
  rubocop (~> 0.58.2)
  rubocop-checkstyle_formatter

BUNDLED WITH
   1.16.2
