GEM
  remote: https://rubygems.org/
  specs:
    aspose_storage_cloud (18.6)
      faraday (~> 0.14.0)
      mimemagic (~> 0.3.2)
    faraday (0.14.0)
      multipart-post (>= 1.2, < 3)
    mimemagic (0.3.2)
    minitest (5.11.3)
    multipart-post (2.0.0)

PLATFORMS
  ruby

DEPENDENCIES
  aspose_storage_cloud (~> 18.6, >= 18.5)
  faraday (~> 0.14.0)
  mimemagic (~> 0.3.2)
  minitest (~> 5.11, >= 5.11.3)

BUNDLED WITH
   1.16.2
