GEM
  remote: https://rubygems.org/
  specs:
    aspose_storage_cloud (1.0.1)
      json (~> 1.7)
      typhoeus (~> 0.8)
    ethon (0.11.0)
      ffi (>= 1.3.0)
    ffi (1.9.21)
    json (1.8.6)
    minitest (5.11.3)
    rake (12.3.0)
    typhoeus (0.8.0)
      ethon (>= 0.8.0)

PLATFORMS
  ruby

DEPENDENCIES
  aspose_storage_cloud (~> 1.0, >= 1.0.1)
  minitest (~> 5.11, >= 5.11.3)
  rake (~> 12.3)

BUNDLED WITH
   1.16.1
