GEM
  remote: https://rubygems.org/
  specs:
    aspose_storage_cloud (1.0.1)
      json (~> 1.7)
      typhoeus (~> 0.8)
    ethon (0.11.0)
      ffi (>= 1.3.0)
    faraday (0.14.0)
      multipart-post (>= 1.2, < 3)
    ffi (1.9.21)
    json (1.8.6)
    mimemagic (0.3.2)
    minitest (5.11.3)
    multipart-post (2.0.0)
    typhoeus (0.8.0)
      ethon (>= 0.8.0)

PLATFORMS
  ruby

DEPENDENCIES
  aspose_storage_cloud (~> 1.0, >= 1.0.1)
  faraday (~> 0.14.0)
  mimemagic (~> 0.3.2)
  minitest (~> 5.11, >= 5.11.3)

BUNDLED WITH
   1.16.1
